PATH
  remote: .
  specs:
    ugc (0.9.0)
      command_line_reporter
      gli (= 2.5.0)
      highline
      usergrid_iron (>= 0.0.9)

GEM
  remote: http://rubygems.org/
  specs:
    aruba (0.5.1)
      childprocess (~> 0.3.6)
      cucumber (>= 1.1.1)
      rspec-expectations (>= 2.7.0)
    builder (3.1.4)
    childprocess (0.3.6)
      ffi (~> 1.0, >= 1.0.6)
    colored (1.2)
    command_line_reporter (3.2.1)
      colored (>= 1.2)
    cucumber (1.2.1)
      builder (>= 2.1.2)
      diff-lcs (>= 1.1.3)
      gherkin (~> 2.11.0)
      json (>= 1.4.6)
    diff-lcs (1.1.3)
    ffi (1.2.0)
    gherkin (2.11.5)
      json (>= 1.4.6)
    gli (2.5.0)
    highline (1.6.15)
    json (1.7.6)
    mime-types (1.19)
    multi_json (1.5.0)
    rake (10.0.3)
    rdoc (3.12)
      json (~> 1.4)
    rest-client (1.6.7)
      mime-types (>= 1.16)
    rspec-expectations (2.12.1)
      diff-lcs (~> 1.1.3)
    usergrid_iron (0.0.9)
      multi_json
      rest-client

PLATFORMS
  ruby

DEPENDENCIES
  aruba
  rake
  rdoc
  ugc!
